GEM
  remote: https://rubygems.org/
  specs:
    actioncable (5.1.4)
      actionpack (= 5.1.4)
      nio4r (~> 2.0)
      websocket-driver (~> 0.6.1)
    actionmailer (5.1.4)
      actionpack (= 5.1.4)
      actionview (= 5.1.4)
      activejob (= 5.1.4)
      mail (~> 2.5, >= 2.5.4)
      rails-dom-testing (~> 2.0)
    actionpack (5.1.4)
      actionview (= 5.1.4)
      activesupport (= 5.1.4)
      rack (~> 2.0)
      rack-test (>= 0.6.3)
      rails-dom-testing (~> 2.0)
      rails-html-sanitizer (~> 1.0, >= 1.0.2)
    actionview (5.1.4)
      activesupport (= 5.1.4)
      builder (~> 3.1)
      erubi (~> 1.4)
      rails-dom-testing (~> 2.0)
      rails-html-sanitizer (~> 1.0, >= 1.0.3)
    activejob (5.1.4)
      activesupport (= 5.1.4)
      globalid (>= 0.3.6)
    activemerchant (1.71.0)
      activesupport (>= 3.2.14, < 6.x)
      builder (>= 2.1.2, < 4.0.0)
      i18n (>= 0.6.9)
      nokogiri (~> 1.4)
    activemodel (5.1.4)
      activesupport (= 5.1.4)
    activerecord (5.1.4)
      activemodel (= 5.1.4)
      activesupport (= 5.1.4)
      arel (~> 8.0)
    activesupport (5.1.4)
      concurrent-ruby (~> 1.0, >= 1.0.2)
      i18n (~> 0.7)
      minitest (~> 5.1)
      tzinfo (~> 1.1)
    acts_as_list (0.9.7)
      activerecord (>= 3.0)
    addressable (2.5.2)
      public_suffix (>= 2.0.2, < 4.0)
    annotate (2.7.2)
      activerecord (>= 3.2, < 6.0)
      rake (>= 10.4, < 13.0)
    arel (8.0.0)
    autoprefixer-rails (7.1.4)
      execjs
<<<<<<< HEAD
    aws-sdk (2.9.27)
      aws-sdk-resources (= 2.9.27)
    aws-sdk-core (2.9.27)
      aws-sigv4 (~> 1.0)
      jmespath (~> 1.0)
    aws-sdk-resources (2.9.27)
      aws-sdk-core (= 2.9.27)
    aws-sigv4 (1.0.0)
=======
    awesome_nested_set (3.1.3)
      activerecord (>= 4.0.0, < 5.2)
>>>>>>> 53003ee9264c10b3cd5a9380956bec0617308670
    bcrypt (3.1.11)
    bindex (0.5.0)
    bootstrap-sass (3.3.7)
      autoprefixer-rails (>= 5.2.1)
      sass (>= 3.3.4)
    bourbon (4.3.4)
      sass (~> 3.4)
      thor (~> 0.19)
    builder (3.2.3)
    byebug (9.1.0)
    camertron-eprun (1.1.1)
    cancancan (1.17.0)
    canonical-rails (0.2.1)
      rails (>= 4.1, < 5.2)
    capybara (2.15.1)
      addressable
      mini_mime (>= 0.1.3)
      nokogiri (>= 1.3.3)
      rack (>= 1.0.0)
      rack-test (>= 0.5.4)
      xpath (~> 2.0)
    carmen (1.0.2)
      activesupport (>= 3.0.0)
    childprocess (0.7.1)
      ffi (~> 1.0, >= 1.0.11)
<<<<<<< HEAD
=======
    cldr-plurals-runtime-rb (1.0.1)
>>>>>>> 53003ee9264c10b3cd5a9380956bec0617308670
    climate_control (0.2.0)
    cocaine (0.5.8)
      climate_control (>= 0.0.3, < 1.0)
    coffee-rails (4.2.2)
      coffee-script (>= 2.2.0)
      railties (>= 4.0.0)
    coffee-script (2.4.1)
      coffee-script-source
      execjs
    coffee-script-source (1.12.2)
    concurrent-ruby (1.0.5)
    deface (1.2.0)
      nokogiri (~> 1.6)
      polyglot
      rails (>= 4.1)
      rainbow (>= 2.1.0)
    devise (4.3.0)
      bcrypt (~> 3.0)
      orm_adapter (~> 0.1)
      railties (>= 4.1.0, < 5.2)
      responders
      warden (~> 1.2.3)
    devise-encryptable (0.2.0)
      devise (>= 2.1.0)
    erubi (1.6.1)
    execjs (2.7.0)
    ffaker (2.7.0)
    ffi (1.9.18)
    font-awesome-rails (4.7.0.2)
      railties (>= 3.2, < 5.2)
<<<<<<< HEAD
    font-awesome-sass (4.7.0)
      sass (>= 3.2)
=======
    friendly_id (5.2.2)
      activerecord (>= 4.0.0)
>>>>>>> 53003ee9264c10b3cd5a9380956bec0617308670
    globalid (0.4.0)
      activesupport (>= 4.2.0)
    handlebars_assets (0.23.2)
      execjs (~> 2.0)
      sprockets (>= 2.0.0)
      tilt (>= 1.2)
    highline (1.7.8)
    i18n (0.8.6)
    jbuilder (2.7.0)
      activesupport (>= 4.2.0)
      multi_json (>= 1.2)
    jmespath (1.3.1)
    jquery-rails (4.3.1)
      rails-dom-testing (>= 1, < 3)
      railties (>= 4.2.0)
      thor (>= 0.14, < 2.0)
    jquery-ui-rails (5.0.5)
      railties (>= 3.2.16)
    kaminari (1.0.1)
      activesupport (>= 4.1.0)
      kaminari-actionview (= 1.0.1)
      kaminari-activerecord (= 1.0.1)
      kaminari-core (= 1.0.1)
    kaminari-actionview (1.0.1)
      actionview
      kaminari-core (= 1.0.1)
    kaminari-activerecord (1.0.1)
      activerecord
      kaminari-core (= 1.0.1)
    kaminari-core (1.0.1)
    listen (3.1.5)
      rb-fsevent (~> 0.9, >= 0.9.4)
      rb-inotify (~> 0.9, >= 0.9.7)
      ruby_dep (~> 1.2)
    loofah (2.0.3)
      nokogiri (>= 1.5.9)
    mail (2.6.6)
      mime-types (>= 1.16, < 4)
    method_source (0.8.2)
    mime-types (3.1)
      mime-types-data (~> 3.2015)
    mime-types-data (3.2016.0521)
    mimemagic (0.3.2)
    mini_mime (0.1.4)
    mini_portile2 (2.2.0)
    minitest (5.10.3)
    monetize (1.7.0)
      money (~> 6.9)
    money (6.9.0)
      i18n (>= 0.6.4, < 0.9)
    multi_json (1.12.2)
    nio4r (2.1.0)
    nokogiri (1.8.0)
      mini_portile2 (~> 2.2.0)
    orm_adapter (0.5.0)
    paperclip (5.1.0)
      activemodel (>= 4.2.0)
      activesupport (>= 4.2.0)
      cocaine (~> 0.5.5)
      mime-types
      mimemagic (~> 0.3.0)
<<<<<<< HEAD
=======
    paranoia (2.3.1)
      activerecord (>= 4.0, < 5.2)
>>>>>>> 53003ee9264c10b3cd5a9380956bec0617308670
    pg (0.20.0)
    polyamorous (1.3.1)
      activerecord (>= 3.0)
    polyglot (0.3.5)
    public_suffix (3.0.0)
    puma (3.10.0)
    rabl (0.13.0)
      activesupport (>= 2.3.14)
    rack (2.0.3)
    rack-test (0.7.0)
      rack (>= 1.0, < 3)
    rails (5.1.4)
      actioncable (= 5.1.4)
      actionmailer (= 5.1.4)
      actionpack (= 5.1.4)
      actionview (= 5.1.4)
      activejob (= 5.1.4)
      activemodel (= 5.1.4)
      activerecord (= 5.1.4)
      activesupport (= 5.1.4)
      bundler (>= 1.3.0)
      railties (= 5.1.4)
      sprockets-rails (>= 2.0.0)
    rails-dom-testing (2.0.3)
      activesupport (>= 4.2.0)
      nokogiri (>= 1.6)
    rails-html-sanitizer (1.0.3)
      loofah (~> 2.0)
    rails_12factor (0.0.3)
      rails_serve_static_assets
      rails_stdout_logging
    rails_serve_static_assets (0.0.5)
    rails_stdout_logging (0.0.5)
    railties (5.1.4)
      actionpack (= 5.1.4)
      activesupport (= 5.1.4)
      method_source
      rake (>= 0.8.7)
      thor (>= 0.18.1, < 2.0)
    rainbow (2.2.2)
      rake
    rake (12.1.0)
    ransack (1.8.3)
      actionpack (>= 3.0)
      activerecord (>= 3.0)
      activesupport (>= 3.0)
      i18n
      polyamorous (~> 1.3)
    rb-fsevent (0.10.2)
    rb-inotify (0.9.10)
      ffi (>= 0.5.0, < 2)
    responders (2.4.0)
      actionpack (>= 4.2.0, < 5.3)
      railties (>= 4.2.0, < 5.3)
    ruby_dep (1.5.0)
    rubyzip (1.2.1)
    sass (3.5.1)
      sass-listen (~> 4.0.0)
    sass-listen (4.0.0)
      rb-fsevent (~> 0.9, >= 0.9.4)
      rb-inotify (~> 0.9, >= 0.9.7)
    sass-rails (5.0.6)
      railties (>= 4.0.0, < 6)
      sass (~> 3.1)
      sprockets (>= 2.8, < 4.0)
      sprockets-rails (>= 2.0, < 4.0)
      tilt (>= 1.1, < 3)
    selenium-webdriver (3.5.2)
      childprocess (~> 0.5)
      rubyzip (~> 1.0)
    simple_form (3.5.0)
      actionpack (> 4, < 5.2)
      activemodel (> 4, < 5.2)
    solidus (2.3.0)
      solidus_api (= 2.3.0)
      solidus_backend (= 2.3.0)
      solidus_core (= 2.3.0)
      solidus_frontend (= 2.3.0)
      solidus_sample (= 2.3.0)
    solidus_api (2.3.0)
      rabl (= 0.13.0)
      solidus_core (= 2.3.0)
      versioncake (~> 3.0)
    solidus_auth_devise (1.6.4)
      deface (~> 1.0)
      devise (~> 4.1)
      devise-encryptable (= 0.2.0)
      solidus_core (>= 1.0.6, < 3)
      solidus_support
    solidus_backend (2.3.0)
      bourbon (>= 4, < 6)
      coffee-rails
      font-awesome-rails (~> 4.0)
      handlebars_assets (~> 0.23)
      jquery-rails
      jquery-ui-rails (~> 5.0.0)
      sass-rails
      solidus_api (= 2.3.0)
      solidus_core (= 2.3.0)
    solidus_core (2.3.0)
      activemerchant (~> 1.48)
      acts_as_list (~> 0.3)
      awesome_nested_set (~> 3.0, >= 3.0.1)
      cancancan (~> 1.10)
      carmen (~> 1.0.0)
      ffaker (~> 2.0)
      friendly_id (~> 5.0)
      highline (~> 1.7)
      kaminari (>= 0.17, < 2.0)
      monetize (~> 1.1)
      paperclip (>= 4.2, < 6)
      paranoia (~> 2.3)
      rails (~> 5.1.0)
      ransack (~> 1.8)
      responders
      state_machines-activerecord (~> 0.4)
      stringex (~> 1.5.1)
      truncate_html (~> 0.9, >= 0.9.2)
      twitter_cldr (>= 3.0, < 5)
    solidus_frontend (2.3.0)
      canonical-rails (~> 0.2.0)
      coffee-rails
      font-awesome-rails (~> 4.0)
      jquery-rails
      sass-rails
      solidus_api (= 2.3.0)
      solidus_core (= 2.3.0)
    solidus_sample (2.3.0)
      solidus_core (= 2.3.0)
    solidus_support (0.1.5)
    spring (2.0.2)
      activesupport (>= 4.2)
    spring-watcher-listen (2.0.1)
      listen (>= 2.7, < 4.0)
      spring (>= 1.2, < 3.0)
    sprockets (3.7.1)
      concurrent-ruby (~> 1.0)
      rack (> 1, < 3)
    sprockets-rails (3.2.1)
      actionpack (>= 4.0)
      activesupport (>= 4.0)
      sprockets (>= 3.0.0)
    sqlite3 (1.3.13)
    state_machines (0.5.0)
    state_machines-activemodel (0.5.0)
      activemodel (>= 4.1, < 5.2)
      state_machines (>= 0.5.0)
    state_machines-activerecord (0.5.0)
      activerecord (>= 4.1, < 5.2)
      state_machines-activemodel (>= 0.5.0)
    stringex (1.5.1)
    thor (0.20.0)
    thread_safe (0.3.6)
    tilt (2.0.8)
    truncate_html (0.9.3)
    turbolinks (5.0.1)
      turbolinks-source (~> 5)
    turbolinks-source (5.0.3)
    twitter_cldr (4.4.2)
      camertron-eprun
      cldr-plurals-runtime-rb (~> 1.0)
      tzinfo
    tzinfo (1.2.3)
      thread_safe (~> 0.1)
    uglifier (3.2.0)
      execjs (>= 0.3.0, < 3)
    versioncake (3.3.0)
      actionpack (>= 3.2)
      activesupport (>= 3.2)
      railties (>= 3.2)
      tzinfo
    warden (1.2.7)
      rack (>= 1.0)
    web-console (3.5.1)
      actionview (>= 5.0)
      activemodel (>= 5.0)
      bindex (>= 0.4.0)
      railties (>= 5.0)
    websocket-driver (0.6.5)
      websocket-extensions (>= 0.1.0)
    websocket-extensions (0.1.2)
    wysiwyg-rails (2.5.1)
      font-awesome-sass (~> 4.4, >= 4.4.0)
      railties (>= 3.2, < 6.0)
    xpath (2.1.0)
      nokogiri (~> 1.3)

PLATFORMS
  ruby

DEPENDENCIES
  annotate
  aws-sdk
  bootstrap-sass
  byebug
  capybara (~> 2.13)
  coffee-rails (~> 4.2)
  devise
  font-awesome-rails
  jbuilder (~> 2.5)
  jquery-rails
  listen (>= 3.0.5, < 3.2)
  paperclip
  pg
  puma (~> 3.7)
  rails (~> 5.1.4)
  rails_12factor
  sass-rails (~> 5.0)
  selenium-webdriver
  simple_form
  solidus
  solidus_auth_devise
  spring
  spring-watcher-listen (~> 2.0.0)
  sqlite3
  turbolinks (~> 5)
  tzinfo-data
  uglifier (>= 1.3.0)
  web-console (>= 3.3.0)
  wysiwyg-rails

BUNDLED WITH
   1.16.0.pre.2
